GEM
  remote: https://rubygems.org/
  specs:
    bcrypt (3.1.13)

PLATFORMS
  ruby

DEPENDENCIES
  bcrypt (~> 3.1, >= 3.1.11)

RUBY VERSION
   ruby 2.6.5p114

BUNDLED WITH
   1.17.3
