GEM
  remote: https://rubygems.org/
  specs:
    bcrypt (3.1.18)

PLATFORMS
  x86_64-linux

DEPENDENCIES
  bcrypt (~> 3.1, >= 3.1.11)

RUBY VERSION
   ruby 3.1.4p223

BUNDLED WITH
   2.3.26
